GEM
  remote: https://rubygems.org/
  specs:
    dotenv (2.7.6)
    redis (4.6.0)

PLATFORMS
  x86_64-linux

DEPENDENCIES
  dotenv
  redis

BUNDLED WITH
   2.3.3
